GEM
  remote: https://rubygems.org/
  specs:
    httparty (0.9.0)
      multi_json (~> 1.0)
      multi_xml
    json (1.7.5)
    multi_json (1.3.6)
    multi_xml (0.5.1)

PLATFORMS
  ruby

DEPENDENCIES
  httparty
  json
